GIT
  remote: git://github.com/ncbo/goo.git
  revision: 9b0623b79e01047fb9578f523034db9fcfb65f5f
  branch: staging
  specs:
    goo (0.0.2)
      pry
      rdf (= 1.0.8)
      redis
      rest-client
      rsolr
      sparql-client
      systemu
      uuid

GIT
  remote: git://github.com/ncbo/ontologies_linked_data.git
  revision: cd6e98a36234e093fc523a78821fdc6966ae0646
  branch: staging
  specs:
    ontologies_linked_data (0.0.1)
      activesupport
      bcrypt
      goo
      json
      libxml-ruby
      multi_json
      oj
      pony
      rack
      rack-test
      rsolr
      rubyzip

GIT
  remote: git://github.com/ncbo/sparql-client.git
  revision: e6a2d6b4fda4e23d77a70c440f058bd08c801e26
  branch: staging
  specs:
    sparql-client (1.0.4.1)
      json_pure (>= 1.4)
      net-http-persistent (>= 1.4)
      rdf (>= 1.0)

GEM
  remote: https://rubygems.org/
  specs:
    activesupport (4.0.3)
      i18n (~> 0.6, >= 0.6.4)
      minitest (~> 4.2)
      multi_json (~> 1.3)
      thread_safe (~> 0.1)
      tzinfo (~> 0.3.37)
    addressable (2.3.5)
    atomic (1.1.15)
    bcrypt (3.1.7)
    builder (3.2.2)
    coderay (1.1.0)
    cube-ruby (0.0.3)
    i18n (0.6.9)
    json (1.8.1)
    json_pure (1.8.1)
    libxml-ruby (2.7.0)
    macaddr (1.6.7)
      systemu (~> 2.6.2)
    mail (2.2.7)
      activesupport (>= 2.3.6)
      mime-types
      treetop (>= 1.4.5)
    method_source (0.8.2)
    mime-types (2.1)
    minitest (4.7.5)
    multi_json (1.9.0)
    net-http-persistent (2.9.4)
    oj (2.5.5)
    polyglot (0.3.4)
    pony (1.8)
      mail (>= 2.0)
    pry (0.9.12.6)
      coderay (~> 1.0)
      method_source (~> 0.8)
      slop (~> 3.4)
    rack (1.5.2)
    rack-test (0.6.2)
      rack (>= 1.0)
    rake (10.1.1)
    rdf (1.0.8)
      addressable (>= 2.2)
    redis (3.0.7)
    rest-client (1.6.7)
      mime-types (>= 1.16)
    rsolr (1.0.9)
      builder (>= 2.1.2)
    rubyzip (1.1.0)
    slop (3.4.7)
    systemu (2.6.4)
    thread_safe (0.2.0)
      atomic (>= 1.1.7, < 2)
    treetop (1.4.15)
      polyglot
      polyglot (>= 0.3.1)
    tzinfo (0.3.38)
    uuid (2.3.7)
      macaddr (~> 1.0)

PLATFORMS
  ruby

DEPENDENCIES
  cube-ruby
  goo!
  minitest (~> 4.0)
  ontologies_linked_data!
  pry
  rake (~> 10.0)
  redis (~> 3.0)
  sparql-client!
